GEM
  remote: https://rubygems.org/
  specs:
    dotenv (2.7.6)

PLATFORMS
  ruby

DEPENDENCIES
  dotenv (~> 2.7)

BUNDLED WITH
   2.2.33
