GEM
  remote: https://rubygems.org/
  specs:
    gems (1.2.0)
    json (2.5.1)
    mustermann (1.1.1)
      ruby2_keywords (~> 0.0.1)
    nio4r (2.5.8)
    puma (5.5.2)
      nio4r (~> 2.0)
    rack (2.2.3)
    rack-protection (2.1.0)
      rack
    ruby2_keywords (0.0.5)
    sinatra (2.1.0)
      mustermann (~> 1.0)
      rack (~> 2.2)
      rack-protection (= 2.1.0)
      tilt (~> 2.0)
    tilt (2.0.10)

PLATFORMS
  x86_64-linux

DEPENDENCIES
  bundler (~> 2.1)
  gems (~> 1.2)
  json (~> 2.5)
  puma (~> 5.5)
  sinatra (~> 2.1)

BUNDLED WITH
   2.2.33
