GEM
  remote: https://rubygems.org/
  specs:
    activesupport (6.1.4.4)
      concurrent-ruby (~> 1.0, >= 1.0.2)
      i18n (>= 1.6, < 2)
      minitest (>= 5.1)
      tzinfo (~> 2.0)
      zeitwerk (~> 2.3)
    addressable (2.8.0)
      public_suffix (>= 2.0.2, < 5.0)
    algoliasearch (1.27.5)
      httpclient (~> 2.8, >= 2.8.3)
      json (>= 1.5.1)
    cocoapods-core (1.11.2)
      activesupport (>= 5.0, < 7)
      addressable (~> 2.8)
      algoliasearch (~> 1.0)
      concurrent-ruby (~> 1.1)
      fuzzy_match (~> 2.0.4)
      nap (~> 1.0)
      netrc (~> 0.11)
      public_suffix (~> 4.0)
      typhoeus (~> 1.0)
    concurrent-ruby (1.1.9)
    ethon (0.15.0)
      ffi (>= 1.15.0)
    ffi (1.15.4)
    fuzzy_match (2.0.4)
    gems (1.2.0)
    httpclient (2.8.3)
    i18n (1.8.11)
      concurrent-ruby (~> 1.0)
    json (2.5.1)
    minitest (5.15.0)
    multi_json (1.15.0)
    mustermann (1.1.1)
      ruby2_keywords (~> 0.0.1)
    nap (1.1.0)
    netrc (0.11.0)
    nio4r (2.5.8)
    public_suffix (4.0.6)
    puma (5.5.2)
      nio4r (~> 2.0)
    rack (2.2.3)
    rack-protection (2.1.0)
      rack
    ruby2_keywords (0.0.5)
    sinatra (2.1.0)
      mustermann (~> 1.0)
      rack (~> 2.2)
      rack-protection (= 2.1.0)
      tilt (~> 2.0)
    sinatra-contrib (2.1.0)
      multi_json
      mustermann (~> 1.0)
      rack-protection (= 2.1.0)
      sinatra (= 2.1.0)
      tilt (~> 2.0)
    tilt (2.0.10)
    typhoeus (1.4.0)
      ethon (>= 0.9.0)
    tzinfo (2.0.4)
      concurrent-ruby (~> 1.0)
    zeitwerk (2.5.3)

PLATFORMS
  x86_64-linux

DEPENDENCIES
  bundler (~> 2.1)
  cocoapods-core (~> 1.11)
  gems (~> 1.2)
  json (~> 2.5)
  puma (~> 5.5)
  sinatra (~> 2.1)
  sinatra-contrib (~> 2.1)

BUNDLED WITH
   2.2.33
